GIT
  remote: git://github.com/randym/axlsx.git
  revision: c593a08b2a929dac7aa8dc418b55e26b4c49dc34
  specs:
    axlsx (3.0.0.pre)
      htmlentities (~> 4.3, >= 4.3.4)
      mimemagic (~> 0.3)
      nokogiri (~> 1.8, >= 1.8.2)
      rubyzip (~> 1.2, >= 1.2.1)

PATH
  remote: .
  specs:
    agilibox (1.5.12)
      awesome_print
      pry-rails
      rails-i18n

GEM
  remote: https://rubygems.org/
  specs:
    actioncable (5.1.7)
      actionpack (= 5.1.7)
      nio4r (~> 2.0)
      websocket-driver (~> 0.6.1)
    actionmailer (5.1.7)
      actionpack (= 5.1.7)
      actionview (= 5.1.7)
      activejob (= 5.1.7)
      mail (~> 2.5, >= 2.5.4)
      rails-dom-testing (~> 2.0)
    actionpack (5.1.7)
      actionview (= 5.1.7)
      activesupport (= 5.1.7)
      rack (~> 2.0)
      rack-test (>= 0.6.3)
      rails-dom-testing (~> 2.0)
      rails-html-sanitizer (~> 1.0, >= 1.0.2)
    actionview (5.1.7)
      activesupport (= 5.1.7)
      builder (~> 3.1)
      erubi (~> 1.4)
      rails-dom-testing (~> 2.0)
      rails-html-sanitizer (~> 1.0, >= 1.0.3)
    activejob (5.1.7)
      activesupport (= 5.1.7)
      globalid (>= 0.3.6)
    activemodel (5.1.7)
      activesupport (= 5.1.7)
    activerecord (5.1.7)
      activemodel (= 5.1.7)
      activesupport (= 5.1.7)
      arel (~> 8.0)
    activesupport (5.1.7)
      concurrent-ruby (~> 1.0, >= 1.0.2)
      i18n (>= 0.7, < 2)
      minitest (~> 5.1)
      tzinfo (~> 1.1)
    addressable (2.6.0)
      public_suffix (>= 2.0.2, < 4.0)
    arel (8.0.0)
    ast (2.4.0)
    autoprefixer-rails (9.6.1)
      execjs
    awesome_print (1.8.0)
    aws-eventstream (1.0.3)
    aws-partitions (1.190.0)
    aws-sdk-core (3.59.0)
      aws-eventstream (~> 1.0, >= 1.0.2)
      aws-partitions (~> 1.0)
      aws-sigv4 (~> 1.1)
      jmespath (~> 1.0)
    aws-sdk-sns (1.18.0)
      aws-sdk-core (~> 3, >= 3.58.0)
      aws-sigv4 (~> 1.1)
    aws-sigv4 (1.1.0)
      aws-eventstream (~> 1.0, >= 1.0.2)
    backports (3.15.0)
    better_errors (2.5.1)
      coderay (>= 1.0.0)
      erubi (>= 1.0.0)
      rack (>= 0.9.0)
    bootstrap-sass (3.4.1)
      autoprefixer-rails (>= 5.2.1)
      sassc (>= 2.0.0)
    builder (3.2.3)
    byebug (11.0.1)
    callsite (0.0.11)
    capybara (3.26.0)
      addressable
      mini_mime (>= 0.1.3)
      nokogiri (~> 1.8)
      rack (>= 1.6.0)
      rack-test (>= 0.6.3)
      regexp_parser (~> 1.5)
      xpath (~> 3.2)
    choice (0.2.0)
    cliver (0.3.2)
    coderay (1.1.2)
    coffee-rails (4.2.2)
      coffee-script (>= 2.2.0)
      railties (>= 4.0.0)
    coffee-script (2.4.1)
      coffee-script-source
      execjs
    coffee-script-source (1.12.2)
    concurrent-ruby (1.1.5)
    crass (1.0.4)
    cucumber (3.1.2)
      builder (>= 2.1.2)
      cucumber-core (~> 3.2.0)
      cucumber-expressions (~> 6.0.1)
      cucumber-wire (~> 0.0.1)
      diff-lcs (~> 1.3)
      gherkin (~> 5.1.0)
      multi_json (>= 1.7.5, < 2.0)
      multi_test (>= 0.1.2)
    cucumber-core (3.2.1)
      backports (>= 3.8.0)
      cucumber-tag_expressions (~> 1.1.0)
      gherkin (~> 5.0)
    cucumber-expressions (6.0.1)
    cucumber-rails (1.7.0)
      capybara (>= 2.3.0, < 4)
      cucumber (>= 3.0.2, < 4)
      mime-types (>= 1.17, < 4)
      nokogiri (~> 1.8)
      railties (>= 4.2, < 7)
    cucumber-tag_expressions (1.1.1)
    cucumber-wire (0.0.1)
    cuprite (0.6.0)
      capybara (>= 2.1, < 4)
      cliver (~> 0.3)
      websocket-driver (>= 0.6, < 0.8)
    database_cleaner (1.7.0)
    desktop_delivery (1.0.0)
      launchy
    diff-lcs (1.3)
    docile (1.3.2)
    dotenv (2.7.4)
    dotenv-rails (2.7.4)
      dotenv (= 2.7.4)
      railties (>= 3.2, < 6.1)
    erubi (1.8.0)
    execjs (2.7.0)
    factory_bot (5.0.2)
      activesupport (>= 4.2.0)
    factory_bot_rails (5.0.2)
      factory_bot (~> 5.0.2)
      railties (>= 4.2.0)
    faker (1.9.6)
      i18n (>= 0.7)
    ffi (1.11.1)
    font-awesome-sass (5.9.0)
      sassc (>= 1.11)
    formatador (0.2.5)
    gherkin (5.1.0)
    globalid (0.4.2)
      activesupport (>= 4.2.0)
    guard (2.15.0)
      formatador (>= 0.2.4)
      listen (>= 2.7, < 4.0)
      lumberjack (>= 1.0.12, < 2.0)
      nenv (~> 0.1)
      notiffany (~> 0.0)
      pry (>= 0.9.12)
      shellany (~> 0.0)
      thor (>= 0.18.1)
    guard-compat (1.2.1)
    guard-cucumber (1.5.4)
      cucumber (>= 1.3.0)
      guard-compat (~> 1.0)
      nenv (~> 0.1)
    guard-rspec (4.7.3)
      guard (~> 2.1)
      guard-compat (~> 1.1)
      rspec (>= 2.99.0, < 4.0)
    guard-rubocop (1.3.0)
      guard (~> 2.0)
      rubocop (~> 0.20)
    htmlentities (4.3.4)
    httparty (0.17.0)
      mime-types (~> 3.0)
      multi_xml (>= 0.5.2)
    i18n (1.6.0)
      concurrent-ruby (~> 1.0)
    jaro_winkler (1.5.3)
    jmespath (1.4.0)
    jquery-rails (4.3.5)
      rails-dom-testing (>= 1, < 3)
      railties (>= 4.2.0)
      thor (>= 0.14, < 2.0)
    json (2.2.0)
    launchy (2.4.3)
      addressable (~> 2.3)
    listen (3.1.5)
      rb-fsevent (~> 0.9, >= 0.9.4)
      rb-inotify (~> 0.9, >= 0.9.7)
      ruby_dep (~> 1.2)
    loofah (2.2.3)
      crass (~> 1.0.2)
      nokogiri (>= 1.5.9)
    lumberjack (1.0.13)
    mail (2.7.1)
      mini_mime (>= 0.1.1)
    meta_request (0.7.0)
      callsite (~> 0.0, >= 0.0.11)
      rack-contrib (>= 1.1, < 3)
      railties (>= 3.0.0, < 7)
    method_source (0.9.2)
    mime-types (3.2.2)
      mime-types-data (~> 3.2015)
    mime-types-data (3.2019.0331)
    mimemagic (0.3.3)
    mini_mime (1.0.2)
    mini_portile2 (2.4.0)
    minitest (5.11.3)
    multi_json (1.13.1)
    multi_test (0.1.2)
    multi_xml (0.6.0)
    nenv (0.3.0)
    nio4r (2.4.0)
    nokogiri (1.10.3)
      mini_portile2 (~> 2.4.0)
    notiffany (0.1.1)
      nenv (~> 0.1)
      shellany (~> 0.0)
    parallel (1.17.0)
    parser (2.6.3.0)
      ast (~> 2.4.0)
    pg (1.1.4)
    poltergeist (1.18.1)
      capybara (>= 2.1, < 4)
      cliver (~> 0.3.1)
      websocket-driver (>= 0.2.0)
    pry (0.12.2)
      coderay (~> 1.1.0)
      method_source (~> 0.9.0)
    pry-rails (0.3.9)
      pry (>= 0.10.4)
    public_suffix (3.1.1)
    puma (4.0.1)
      nio4r (~> 2.0)
    pundit-matchers (1.6.0)
      rspec-rails (>= 3.0.0)
    rack (2.0.7)
    rack-contrib (2.1.0)
      rack (~> 2.0)
    rack-test (1.1.0)
      rack (>= 1.0, < 3)
    rails (5.1.7)
      actioncable (= 5.1.7)
      actionmailer (= 5.1.7)
      actionpack (= 5.1.7)
      actionview (= 5.1.7)
      activejob (= 5.1.7)
      activemodel (= 5.1.7)
      activerecord (= 5.1.7)
      activesupport (= 5.1.7)
      bundler (>= 1.3.0)
      railties (= 5.1.7)
      sprockets-rails (>= 2.0.0)
    rails-controller-testing (1.0.4)
      actionpack (>= 5.0.1.x)
      actionview (>= 5.0.1.x)
      activesupport (>= 5.0.1.x)
    rails-dom-testing (2.0.3)
      activesupport (>= 4.2.0)
      nokogiri (>= 1.6)
    rails-erd (1.6.0)
      activerecord (>= 4.2)
      activesupport (>= 4.2)
      choice (~> 0.2.0)
      ruby-graphviz (~> 1.2)
    rails-html-sanitizer (1.0.4)
      loofah (~> 2.2, >= 2.2.2)
    rails-i18n (5.1.3)
      i18n (>= 0.7, < 2)
      railties (>= 5.0, < 6)
    railties (5.1.7)
      actionpack (= 5.1.7)
      activesupport (= 5.1.7)
      method_source
      rake (>= 0.8.7)
      thor (>= 0.18.1, < 2.0)
    rainbow (3.0.0)
    rake (12.3.2)
    rb-fsevent (0.10.3)
    rb-inotify (0.10.0)
      ffi (~> 1.0)
    regexp_parser (1.6.0)
    rspec (3.8.0)
      rspec-core (~> 3.8.0)
      rspec-expectations (~> 3.8.0)
      rspec-mocks (~> 3.8.0)
    rspec-core (3.8.2)
      rspec-support (~> 3.8.0)
    rspec-expectations (3.8.4)
      diff-lcs (>= 1.2.0, < 2.0)
      rspec-support (~> 3.8.0)
    rspec-mocks (3.8.1)
      diff-lcs (>= 1.2.0, < 2.0)
      rspec-support (~> 3.8.0)
    rspec-rails (3.8.2)
      actionpack (>= 3.0)
      activesupport (>= 3.0)
      railties (>= 3.0)
      rspec-core (~> 3.8.0)
      rspec-expectations (~> 3.8.0)
      rspec-mocks (~> 3.8.0)
      rspec-support (~> 3.8.0)
    rspec-repeat (1.0.2)
      rspec (~> 3.0)
    rspec-support (3.8.2)
    rspec-wait (0.0.9)
      rspec (>= 3, < 4)
    rubocop (0.73.0)
      jaro_winkler (~> 1.5.1)
      parallel (~> 1.10)
      parser (>= 2.6)
      rainbow (>= 2.2.2, < 4.0)
      ruby-progressbar (~> 1.7)
      unicode-display_width (>= 1.4.0, < 1.7)
    rubocop-performance (1.4.0)
      rubocop (>= 0.71.0)
    rubocop-rails (2.2.1)
      rack (>= 1.1)
      rubocop (>= 0.72.0)
    ruby-graphviz (1.2.4)
    ruby-progressbar (1.10.1)
    ruby_dep (1.5.0)
    rubyzip (1.2.3)
    sass (3.7.4)
      sass-listen (~> 4.0.0)
    sass-listen (4.0.0)
      rb-fsevent (~> 0.9, >= 0.9.4)
      rb-inotify (~> 0.9, >= 0.9.7)
    sass-rails (5.0.7)
      railties (>= 4.0.0, < 6)
      sass (~> 3.1)
      sprockets (>= 2.8, < 4.0)
      sprockets-rails (>= 2.0, < 4.0)
      tilt (>= 1.1, < 3)
    sassc (2.0.1)
      ffi (~> 1.9)
      rake
    shellany (0.0.1)
    shoulda-matchers (4.1.1)
      activesupport (>= 4.2.0)
    simple_form (4.1.0)
      actionpack (>= 5.0)
      activemodel (>= 5.0)
    simplecov (0.17.0)
      docile (~> 1.1)
      json (>= 1.8, < 3)
      simplecov-html (~> 0.10.0)
    simplecov-html (0.10.2)
    slim (4.0.1)
      temple (>= 0.7.6, < 0.9)
      tilt (>= 2.0.6, < 2.1)
    slim-rails (3.2.0)
      actionpack (>= 3.1)
      railties (>= 3.1)
      slim (>= 3.0, < 5.0)
    sprockets (3.7.2)
      concurrent-ruby (~> 1.0)
      rack (> 1, < 3)
    sprockets-rails (3.2.1)
      actionpack (>= 4.0)
      activesupport (>= 4.0)
      sprockets (>= 3.0.0)
    temple (0.8.1)
    thor (0.20.3)
    thread_safe (0.3.6)
    tilt (2.0.9)
    timecop (0.9.1)
    turbolinks (5.2.0)
      turbolinks-source (~> 5.2)
    turbolinks-source (5.2.0)
    tzinfo (1.2.5)
      thread_safe (~> 0.1)
    unicode-display_width (1.6.0)
    websocket-driver (0.6.5)
      websocket-extensions (>= 0.1.0)
    websocket-extensions (0.1.4)
    xpath (3.2.0)
      nokogiri (~> 1.8)
    zonebie (0.6.1)

PLATFORMS
  ruby

DEPENDENCIES
  agilibox!
  aws-sdk-sns
  axlsx!
  better_errors
  bootstrap-sass
  byebug
  capybara
  coffee-rails
  cucumber-rails
  cuprite
  database_cleaner
  desktop_delivery
  dotenv-rails
  factory_bot_rails
  faker
  font-awesome-sass (>= 5.0.0)
  guard
  guard-cucumber
  guard-rspec
  guard-rubocop
  httparty
  jquery-rails
  launchy
  meta_request
  minitest
  pg
  poltergeist
  puma
  pundit-matchers
  rails (~> 5.1.7)
  rails-controller-testing
  rails-erd
  rspec-rails
  rspec-repeat
  rspec-wait
  rubocop (= 0.73.0)
  rubocop-performance (= 1.4.0)
  rubocop-rails (= 2.2.1)
  sass-rails
  shoulda-matchers
  simple_form
  simplecov
  slim-rails
  thor
  timecop
  turbolinks
  zonebie

BUNDLED WITH
   1.17.3
